GEM
  remote: https://rubygems.org/
  specs:
    rainbow (2.0.0)
    thor (0.19.1)

PLATFORMS
  ruby

DEPENDENCIES
  rainbow
  thor
